PATH
  remote: .
  specs:
    risk-summary (0.0.0)

GEM
  remote: https://rubygems.org/
  specs:
    addressable (2.7.0)
      public_suffix (>= 2.0.2, < 5.0)
    ast (2.4.1)
    bump (0.10.0)
    crack (0.4.4)
    hashdiff (1.0.1)
    maxitest (3.6.0)
      minitest (>= 5.0.0, < 5.14.0)
    minitest (5.13.0)
    mocha (1.12.0)
    parallel (1.20.1)
    parser (2.7.2.0)
      ast (~> 2.4.1)
    public_suffix (4.0.6)
    rainbow (3.0.0)
    rake (13.0.3)
    regexp_parser (2.0.1)
    rexml (3.2.4)
    rubocop (1.6.1)
      parallel (~> 1.10)
      parser (>= 2.7.1.5)
      rainbow (>= 2.2.2, < 4.0)
      regexp_parser (>= 1.8, < 3.0)
      rexml
      rubocop-ast (>= 1.2.0, < 2.0)
      ruby-progressbar (~> 1.7)
      unicode-display_width (>= 1.4.0, < 2.0)
    rubocop-ast (1.3.0)
      parser (>= 2.7.1.5)
    rubocop-rake (0.5.1)
      rubocop
    ruby-progressbar (1.10.1)
    single_cov (1.6.0)
    unicode-display_width (1.7.0)
    webmock (3.11.0)
      addressable (>= 2.3.6)
      crack (>= 0.3.2)
      hashdiff (>= 0.4.0, < 2.0.0)

PLATFORMS
  ruby

DEPENDENCIES
  bump
  maxitest
  mocha
  rake
  risk-summary!
  rubocop
  rubocop-rake
  single_cov
  webmock

BUNDLED WITH
   2.1.4
